PATH
  remote: .
  specs:
    radar_client_rb (3.0.0)
      redis (~> 4.3)

GEM
  remote: https://rubygems.org/
  specs:
    bump (0.10.0)
    fakeredis (0.8.0)
      redis (~> 4.1)
    minitest (5.14.4)
    mocha (1.13.0)
    rake (13.0.6)
    redis (4.3.1)

PLATFORMS
  ruby

DEPENDENCIES
  bump
  fakeredis
  minitest
  mocha
  radar_client_rb!
  rake (>= 12.3.3)

BUNDLED WITH
   2.3.20
