PATH
  remote: .
  specs:
    radar_client_rb (3.1.0)
      redis (~> 4.8)

GEM
  remote: https://rubygems.org/
  specs:
    bump (0.10.0)
    minitest (5.17.0)
    mocha (2.0.2)
      ruby2_keywords (>= 0.0.5)
    rake (13.0.6)
    redis (4.8.1)
    ruby2_keywords (0.0.5)

PLATFORMS
  ruby

DEPENDENCIES
  bump
  minitest
  mocha
  radar_client_rb!
  rake (>= 12.3.3)

BUNDLED WITH
   2.4.13
