PATH
  remote: .
  specs:
    radar_client_rb (1.0.3)
      redis

GEM
  remote: https://rubygems.org/
  specs:
    bump (0.5.1)
    fakeredis (0.4.2)
      redis (~> 3.0.0)
    metaclass (0.0.1)
    minitest (5.0.8)
    mocha (0.14.0)
      metaclass (~> 0.0.1)
    private_gem (1.1.0)
      bundler (~> 1.7)
    rake (10.1.0)
    redis (3.0.5)

PLATFORMS
  ruby

DEPENDENCIES
  bump
  fakeredis
  minitest
  mocha
  private_gem
  radar_client_rb!
  rake
